PATH
  remote: .
  specs:
    lita-chm (0.0.1)
      lita (>= 3.2)
      nokogiri

GEM
  remote: https://rubygems.org/
  specs:
    diff-lcs (1.2.5)
    docile (1.1.3)
    faraday (0.9.0)
      multipart-post (>= 1.2, < 3)
    http_router (0.11.1)
      rack (>= 1.0.0)
      url_mount (~> 0.2.1)
    i18n (0.6.9)
    ice_nine (0.11.0)
    lita (3.2.0)
      bundler (>= 1.3)
      faraday (>= 0.8.7)
      http_router (>= 0.11.1)
      i18n (>= 0.6.9)
      ice_nine (>= 0.11.0)
      multi_json (>= 1.7.7)
      puma (>= 2.7.1)
      rack (>= 1.5.2)
      redis-namespace (>= 1.3.0)
      thor (>= 0.18.1)
    mini_portile (0.6.0)
    multi_json (1.10.0)
    multipart-post (2.0.0)
    nokogiri (1.6.2.1)
      mini_portile (= 0.6.0)
    puma (2.8.2)
      rack (>= 1.1, < 2.0)
    rack (1.5.2)
    rake (10.3.2)
    redis (3.0.7)
    redis-namespace (1.4.1)
      redis (~> 3.0.4)
    rspec (3.0.0.beta2)
      rspec-core (= 3.0.0.beta2)
      rspec-expectations (= 3.0.0.beta2)
      rspec-mocks (= 3.0.0.beta2)
    rspec-core (3.0.0.beta2)
      rspec-support (= 3.0.0.beta2)
    rspec-expectations (3.0.0.beta2)
      diff-lcs (>= 1.2.0, < 2.0)
      rspec-support (= 3.0.0.beta2)
    rspec-mocks (3.0.0.beta2)
      rspec-support (= 3.0.0.beta2)
    rspec-support (3.0.0.beta2)
    simplecov (0.8.2)
      docile (~> 1.1.0)
      multi_json
      simplecov-html (~> 0.8.0)
    simplecov-html (0.8.0)
    thor (0.19.1)
    url_mount (0.2.1)
      rack

PLATFORMS
  ruby

DEPENDENCIES
  bundler
  lita-chm!
  rake
  rspec (>= 3.0.0.beta1)
  simplecov
